GEM
  remote: http://rubygems.org/
  specs:
    colorize (0.5.8)
    eventmachine (0.12.10)
    state_machine (1.0.2)

PLATFORMS
  ruby

DEPENDENCIES
  colorize
  eventmachine
  state_machine
